GEM
  remote: http://rubygems.org/
  specs:
    POpen4 (0.1.4)
      Platform (>= 0.4.0)
      open4
    Platform (0.4.0)
    bluecloth (2.0.10)
    git (1.2.5)
    jeweler (1.5.2)
      bundler (~> 1.0.0)
      git (>= 1.2.5)
      rake
    open4 (1.0.1)
    rake (0.8.7)
    rspec (1.3.1)
    yard (0.6.4)
    yui-compressor (0.9.6)
      POpen4 (>= 0.1.4)

PLATFORMS
  ruby

DEPENDENCIES
  bluecloth (~> 2.0.10)
  bundler (~> 1.0.0)
  jeweler (~> 1.5.2)
  rake (~> 0.8.7)
  rspec (~> 1.3.1)
  yard (~> 0.6.4)
  yui-compressor (~> 0.9.4)
