GEM
  remote: http://rubygems.org/
  specs:
    bluecloth (2.0.10)
    closure-compiler (1.0.0)
    git (1.2.5)
    jeweler (1.5.2)
      bundler (~> 1.0.0)
      git (>= 1.2.5)
      rake
    rake (0.8.7)
    rspec (1.3.1)
    yard (0.6.4)

PLATFORMS
  ruby

DEPENDENCIES
  bluecloth (~> 2.0.10)
  bundler (~> 1.0.0)
  closure-compiler (~> 1.0.0)
  jeweler (~> 1.5.2)
  rspec (~> 1.3.1)
  yard (~> 0.6.4)
